GIT
  remote: git://github.com/dpla/krikri-spec.git
  revision: fab3248392ac281904cb6bb04ed539ef1807d597
  branch: develop
  specs:
    krikri-spec (0.0.1)
      rspec (~> 3.3)

GEM
  remote: https://rubygems.org/
  specs:
    actionmailer (4.1.16)
      actionpack (= 4.1.16)
      actionview (= 4.1.16)
      mail (~> 2.5, >= 2.5.4)
    actionpack (4.1.16)
      actionview (= 4.1.16)
      activesupport (= 4.1.16)
      rack (~> 1.5.2)
      rack-test (~> 0.6.2)
    actionview (4.1.16)
      activesupport (= 4.1.16)
      builder (~> 3.1)
      erubis (~> 2.7.0)
    active-triples (0.6.1)
      activemodel (>= 3.0.0)
      activesupport (>= 3.0.0)
      deprecation (~> 0.1)
      linkeddata (~> 1.1)
      rdf (~> 1.1)
    activemodel (4.1.16)
      activesupport (= 4.1.16)
      builder (~> 3.1)
    activerecord (4.1.16)
      activemodel (= 4.1.16)
      activesupport (= 4.1.16)
      arel (~> 5.0.0)
    activesupport (4.1.16)
      i18n (~> 0.6, >= 0.6.9)
      json (~> 1.7, >= 1.7.7)
      minitest (~> 5.1)
      thread_safe (~> 0.1)
      tzinfo (~> 1.1)
    addressable (2.5.0)
      public_suffix (~> 2.0, >= 2.0.2)
    analysand (4.0.0)
      celluloid (~> 0.16.0)
      celluloid-io
      http_parser.rb
      json
      json-stream
      net-http-persistent
      rack
      yajl-ruby
    arel (5.0.1.20140414130214)
    audumbla (0.2.1)
      dpla-map (~> 4.0.0.0.pre.10)
      geokit
      twofishes
    autoprefixer-rails (6.5.3.1)
      execjs
    bcrypt (3.1.11)
    blacklight (5.8.2)
      bootstrap-sass (~> 3.2)
      deprecation
      kaminari (~> 0.13)
      nokogiri (~> 1.6)
      rails (>= 3.2.6, < 5)
      rsolr (~> 1.0.6)
    blacklight-gallery (0.3.0)
      blacklight (~> 5.0)
      bootstrap-sass (~> 3.0)
      openseadragon (>= 0.2.0)
      rails
    bootstrap-sass (3.3.4.1)
      autoprefixer-rails (>= 5.0.0.1)
      sass (>= 3.2.19)
    builder (3.2.2)
    byebug (9.0.6)
    celluloid (0.16.0)
      timers (~> 4.0.0)
    celluloid-io (0.16.2)
      celluloid (>= 0.16.0)
      nio4r (>= 1.1.0)
    childprocess (0.5.9)
      ffi (~> 1.0, >= 1.0.11)
    codeclimate-test-reporter (0.6.0)
      simplecov (>= 0.7.1, < 1.0.0)
    coderay (1.1.1)
    coffee-rails (4.0.1)
      coffee-script (>= 2.2.0)
      railties (>= 4.0.0, < 5.0)
    coffee-script (2.4.1)
      coffee-script-source
      execjs
    coffee-script-source (1.11.1)
    crack (0.4.3)
      safe_yaml (~> 1.0.0)
    deprecation (0.2.2)
      activesupport
    devise (3.4.1)
      bcrypt (~> 3.0)
      orm_adapter (~> 0.1)
      railties (>= 3.2.6, < 5)
      responders
      thread_safe (~> 0.1)
      warden (~> 1.2.3)
    diff-lcs (1.2.5)
    docile (1.1.5)
    domain_name (0.5.20161129)
      unf (>= 0.0.5, < 1.0.0)
    dpla-map (4.0.0.0.pre.13)
      active-triples (~> 0.6.0)
    ebnf (1.0.0)
      rdf (~> 1.1)
      sxp (~> 0.1, >= 0.1.3)
    edtf (3.0.0)
      activesupport (>= 3.0, < 6.0)
    elasticsearch (0.4.11)
      elasticsearch-api (= 0.4.11)
      elasticsearch-transport (= 0.4.11)
    elasticsearch-api (0.4.11)
      multi_json
    elasticsearch-transport (0.4.11)
      faraday
      multi_json
    equivalent-xml (0.6.0)
      nokogiri (>= 1.4.3)
    erubis (2.7.0)
    execjs (2.7.0)
    factory_girl (4.4.0)
      activesupport (>= 3.0.0)
    factory_girl_rails (4.4.1)
      factory_girl (~> 4.4.0)
      railties (>= 3.0.0)
    faraday (0.10.0)
      multipart-post (>= 1.2, < 3)
    faraday_middleware (0.10.1)
      faraday (>= 0.7.4, < 1.0)
    ffi (1.9.14)
    formatador (0.2.5)
    geokit (1.10.0)
    guard (1.8.3)
      formatador (>= 0.2.4)
      listen (~> 1.3)
      lumberjack (>= 1.0.2)
      pry (>= 0.9.10)
      thor (>= 0.14.6)
    guard-rspec (1.2.2)
      guard (>= 1.1)
    haml (4.0.7)
      tilt
    hashdiff (0.3.1)
    hike (1.2.3)
    hitimes (1.2.4)
    htmlentities (4.3.4)
    http-cookie (1.0.3)
      domain_name (~> 0.5)
    http_parser.rb (0.6.0)
    i18n (0.7.0)
    jettywrapper (2.0.4)
      activesupport (>= 3.0.0)
      childprocess
      i18n
      logger
      rubyzip (~> 1.0)
    jquery-rails (3.1.4)
      railties (>= 3.0, < 5.0)
      thor (>= 0.14, < 2.0)
    jquery-ui-rails (5.0.5)
      railties (>= 3.2.16)
    json (1.8.3)
    json-ld (1.1.11.1)
      multi_json (~> 1.11)
      rdf (~> 1.1, >= 1.1.17, < 1.99)
    json-stream (0.2.1)
    jsonpath (0.5.8)
      multi_json
    kaminari (0.17.0)
      actionpack (>= 3.0.0)
      activesupport (>= 3.0.0)
    kgio (2.10.0)
    krikri (0.15.2)
      analysand (= 4.0.0)
      audumbla (~> 0.2)
      blacklight (~> 5.8.0)
      blacklight-gallery (= 0.3.0)
      bootstrap-sass (= 3.3.4.1)
      devise (~> 3.4.1)
      dpla-map (= 4.0.0.0.pre.13)
      edtf (~> 3.0)
      elasticsearch (~> 0.4.0)
      jsonpath (~> 0.5)
      nokogiri (~> 1.6.8)
      oai (~> 0.4.0)
      rails (~> 4.1.6)
      rails_config (~> 0.4.0)
      rdf (~> 1.1.13)
      rdf-marmotta (~> 0.0.6)
      rdf-turtle (~> 1.1.8)
      resque (~> 1.26)
      rest-client (~> 2.0)
      sass-rails (~> 4.0.5)
      text (~> 1.3)
      therubyracer (~> 0.12)
      yajl-ruby (= 1.2)
    libv8 (3.16.14.17)
    link_header (0.0.8)
    linkeddata (1.1.2)
      equivalent-xml (~> 0.4)
      json-ld (~> 1.1, >= 1.1.7)
      nokogiri (~> 1.6)
      rdf (~> 1.1, >= 1.1.7)
      rdf-aggregate-repo (~> 1.1)
      rdf-isomorphic (~> 1.1)
      rdf-json (~> 1.1)
      rdf-microdata (~> 2.0)
      rdf-n3 (~> 1.1)
      rdf-rdfa (~> 1.1, >= 1.1.5)
      rdf-rdfxml (~> 1.1, >= 1.1.3)
      rdf-reasoner (~> 0.2, >= 0.2.1)
      rdf-trig (~> 1.1, >= 1.1.3)
      rdf-trix (~> 1.1)
      rdf-turtle (~> 1.1, >= 1.1.5)
      sparql (~> 1.1, >= 1.1.4)
      sparql-client (~> 1.1, >= 1.1.3)
    listen (1.3.1)
      rb-fsevent (>= 0.9.3)
      rb-inotify (>= 0.9)
      rb-kqueue (>= 0.2)
    logger (1.2.8)
    lumberjack (1.0.10)
    mail (2.6.4)
      mime-types (>= 1.16, < 4)
    method_source (0.8.2)
    mime-types (3.1)
      mime-types-data (~> 3.2015)
    mime-types-data (3.2016.0521)
    mini_portile2 (2.1.0)
    minitest (5.10.1)
    mono_logger (1.1.0)
    multi_json (1.12.1)
    multipart-post (2.0.0)
    net-http-persistent (2.9.4)
    netrc (0.11.0)
    nio4r (1.2.1)
    nokogiri (1.6.8.1)
      mini_portile2 (~> 2.1.0)
    oai (0.4.0)
      builder (>= 3.1.0)
      faraday
      faraday_middleware
    openseadragon (0.3.2)
      rails (> 3.2.0)
    orm_adapter (0.5.0)
    pg (0.18.2)
    pry (0.10.4)
      coderay (~> 1.1.0)
      method_source (~> 0.8.1)
      slop (~> 3.4)
    pry-byebug (3.4.2)
      byebug (~> 9.0)
      pry (~> 0.10)
    pry-doc (0.9.0)
      pry (~> 0.9)
      yard (~> 0.8)
    pry-rails (0.3.4)
      pry (>= 0.9.10)
    public_suffix (2.0.4)
    rack (1.5.5)
    rack-protection (1.5.3)
      rack
    rack-test (0.6.3)
      rack (>= 1.0)
    rails (4.1.16)
      actionmailer (= 4.1.16)
      actionpack (= 4.1.16)
      actionview (= 4.1.16)
      activemodel (= 4.1.16)
      activerecord (= 4.1.16)
      activesupport (= 4.1.16)
      bundler (>= 1.3.0, < 2.0)
      railties (= 4.1.16)
      sprockets-rails (~> 2.0)
    rails_config (0.4.2)
      activesupport (>= 3.0)
    railties (4.1.16)
      actionpack (= 4.1.16)
      activesupport (= 4.1.16)
      rake (>= 0.8.7)
      thor (>= 0.18.1, < 2.0)
    raindrops (0.17.0)
    rake (11.0.1)
    rb-fsevent (0.9.8)
    rb-inotify (0.9.7)
      ffi (>= 0.5.0)
    rb-kqueue (0.2.4)
      ffi (>= 0.5.0)
    rdf (1.1.17.1)
      link_header (~> 0.0, >= 0.0.8)
    rdf-aggregate-repo (1.1.0.1)
      rdf (~> 1.1, < 1.99)
    rdf-isomorphic (1.1.0.2)
      rdf (~> 1.1, >= 1.1.17, < 1.99)
    rdf-json (1.1.2.1)
      rdf (~> 1.1, < 1.99)
    rdf-marmotta (0.0.8)
      nokogiri
      rake
      rdf (~> 1.1)
      rdf-rdfxml (~> 1.1)
      sparql-client (~> 1.1.4)
    rdf-microdata (2.0.2)
      htmlentities (~> 4.3)
      nokogiri (~> 1.6)
      rdf (~> 1.1)
      rdf-xsd (~> 1.1)
    rdf-n3 (1.1.3.1)
      rdf (~> 1.1, >= 1.1.17, < 1.99)
    rdf-rdfa (1.1.6.1)
      haml (~> 4.0)
      htmlentities (~> 4.3)
      rdf (~> 1.1, >= 1.1.6, < 1.99)
      rdf-aggregate-repo (~> 1.1, < 1.99)
      rdf-xsd (~> 1.1, < 1.99)
    rdf-rdfxml (1.1.5.1)
      htmlentities (~> 4.3)
      rdf (~> 1.1, >= 1.1.6, < 1.99)
      rdf-rdfa (~> 1.1, >= 1.1.4.1, < 1.99)
      rdf-xsd (~> 1.1, < 1.99)
    rdf-reasoner (0.3.0)
      rdf (~> 1.1, >= 1.1.4.2)
      rdf-turtle (~> 1.1)
      rdf-vocab (~> 0.8)
      rdf-xsd (~> 1.1)
    rdf-trig (1.1.3)
      ebnf (>= 0.3.5)
      rdf (~> 1.1, >= 1.1.2.1)
      rdf-turtle (~> 1.1, >= 1.1.3)
    rdf-trix (1.99.0)
      rdf (~> 1.1)
    rdf-turtle (1.1.8.1)
      ebnf (~> 1.0)
      rdf (~> 1.1, >= 1.1.10, < 1.99)
    rdf-vocab (0.8.8)
      rdf (~> 1.1, >= 1.1.10)
    rdf-xsd (1.1.5.1)
      rdf (~> 1.1, >= 1.1.9, < 1.99)
    redis (3.3.2)
    redis-namespace (1.5.2)
      redis (~> 3.0, >= 3.0.4)
    ref (2.0.0)
    responders (1.1.2)
      railties (>= 3.2, < 4.2)
    resque (1.26.0)
      mono_logger (~> 1.0)
      multi_json (~> 1.0)
      redis-namespace (~> 1.3)
      sinatra (>= 0.9.2)
      vegas (~> 0.1.2)
    rest-client (2.0.0)
      http-cookie (>= 1.0.2, < 2.0)
      mime-types (>= 1.16, < 4.0)
      netrc (~> 0.8)
    rsolr (1.0.13)
      builder (>= 2.1.2)
    rspec (3.4.0)
      rspec-core (~> 3.4.0)
      rspec-expectations (~> 3.4.0)
      rspec-mocks (~> 3.4.0)
    rspec-core (3.4.4)
      rspec-support (~> 3.4.0)
    rspec-expectations (3.4.0)
      diff-lcs (>= 1.2.0, < 2.0)
      rspec-support (~> 3.4.0)
    rspec-mocks (3.4.1)
      diff-lcs (>= 1.2.0, < 2.0)
      rspec-support (~> 3.4.0)
    rspec-rails (3.4.2)
      actionpack (>= 3.0, < 4.3)
      activesupport (>= 3.0, < 4.3)
      railties (>= 3.0, < 4.3)
      rspec-core (~> 3.4.0)
      rspec-expectations (~> 3.4.0)
      rspec-mocks (~> 3.4.0)
      rspec-support (~> 3.4.0)
    rspec-support (3.4.1)
    rubyzip (1.2.0)
    safe_yaml (1.0.4)
    sass (3.2.19)
    sass-rails (4.0.5)
      railties (>= 4.0.0, < 5.0)
      sass (~> 3.2.2)
      sprockets (~> 2.8, < 3.0)
      sprockets-rails (~> 2.0)
    simplecov (0.12.0)
      docile (~> 1.1.0)
      json (>= 1.8, < 3)
      simplecov-html (~> 0.10.0)
    simplecov-html (0.10.0)
    sinatra (1.4.7)
      rack (~> 1.5)
      rack-protection (~> 1.4)
      tilt (>= 1.3, < 3)
    slop (3.6.0)
    sparql (1.1.9.1)
      builder (~> 3.2)
      ebnf (~> 1.0)
      rdf (~> 1.1, >= 1.1.13, < 1.99)
      rdf-aggregate-repo (~> 1.1, >= 1.1.0, < 1.99)
      rdf-xsd (~> 1.1, < 1.99)
      sparql-client (~> 1.1, < 1.99)
      sxp (~> 0.1)
    sparql-client (1.1.6.1)
      net-http-persistent (~> 2.9)
      rdf (~> 1.1, < 1.99)
    spring (1.7.2)
    sprockets (2.12.4)
      hike (~> 1.2)
      multi_json (~> 1.0)
      rack (~> 1.0)
      tilt (~> 1.1, != 1.3.0)
    sprockets-rails (2.3.3)
      actionpack (>= 3.0)
      activesupport (>= 3.0)
      sprockets (>= 2.8, < 4.0)
    sqlite3 (1.3.12)
    sxp (0.1.5)
    text (1.3.1)
    therubyracer (0.12.2)
      libv8 (~> 3.16.14.0)
      ref
    thor (0.19.4)
    thread_safe (0.3.5)
    thrift (0.9.3.0)
    thrift_client (0.9.3)
      thrift (~> 0.9.0)
    tilt (1.4.1)
    timecop (0.8.1)
    timers (4.0.4)
      hitimes
    twofishes (2.1.0)
      activesupport
      thrift_client
    tzinfo (1.2.2)
      thread_safe (~> 0.1)
    uglifier (3.0.4)
      execjs (>= 0.3.0, < 3)
    unf (0.1.4)
      unf_ext
    unf_ext (0.0.7.2)
    unicorn (4.8.3)
      kgio (~> 2.6)
      rack
      raindrops (~> 0.7)
    vegas (0.1.11)
      rack (>= 1.0.0)
    warden (1.2.6)
      rack (>= 1.0)
    webmock (2.1.0)
      addressable (>= 2.3.6)
      crack (>= 0.3.2)
      hashdiff
    yajl-ruby (1.2.0)
    yard (0.9.5)

PLATFORMS
  ruby

DEPENDENCIES
  audumbla (~> 0.2.1)
  celluloid (= 0.16.0)
  codeclimate-test-reporter (~> 0.6.0)
  coffee-rails (~> 4.0.0)
  devise (= 3.4.1)
  factory_girl_rails (~> 4.4.0)
  guard (~> 1.8.3)
  guard-rspec (~> 1.2.2)
  jettywrapper (~> 2.0.3)
  jquery-rails (~> 3.1.4)
  jquery-ui-rails (~> 5.0.5)
  jsonpath (~> 0.5.8)
  krikri (~> 0.14, >= 0.14.0)
  krikri-spec!
  pg (= 0.18.2)
  pry (~> 0.10.4)
  pry-byebug (~> 3.4.0)
  pry-doc (~> 0.9.0)
  pry-rails (~> 0.3.4)
  rails (~> 4.1.11)
  rake (~> 11.0.0)
  resque (~> 1.26.0)
  rest-client (~> 2.0.0)
  rspec-core (~> 3.4.4)
  rspec-rails (~> 3.4.2)
  sass-rails (~> 4.0.3)
  spring (~> 1.7.2)
  sqlite3 (~> 1.3.11)
  text (~> 1.3)
  therubyracer (~> 0.12.2)
  timecop (~> 0.8.1)
  uglifier (>= 1.3.0)
  unicorn (= 4.8.3)
  webmock (~> 2.1.0)

BUNDLED WITH
   1.13.6
